GEM
  remote: https://rubygems.org/
  specs:
    dotenv (2.7.6)
    mustermann (1.1.2)
      ruby2_keywords (~> 0.0.1)
    nio4r (2.5.8)
    puma (5.6.2)
      nio4r (~> 2.0)
    rack (2.2.4)
    rack-protection (2.2.0)
      rack
    recurly (3.21.0)
    ruby2_keywords (0.0.5)
    sinatra (2.2.0)
      mustermann (~> 1.0)
      rack (~> 2.2)
      rack-protection (= 2.2.0)
      tilt (~> 2.0)
    tilt (2.0.11)

PLATFORMS
  ruby

DEPENDENCIES
  dotenv
  puma
  recurly (~> 3.0)
  sinatra (~> 2.2)

BUNDLED WITH
   2.0.2
